GIT
  remote: git@github.com:adambird/fit.git
  revision: e65ea01eb20dea137dd976e016a25b75609d3117
  specs:
    fit (0.0.2)
      activesupport
      bindata (~> 1.4)

GEM
  specs:
    activesupport (3.2.9)
      i18n (~> 0.6)
      multi_json (~> 1.0)
    bindata (1.4.5)
    diff-lcs (1.1.3)
    i18n (0.6.1)
    multi_json (1.3.7)
    nokogiri (1.5.5)
    rake (10.0.2)
    rspec (2.12.0)
      rspec-core (~> 2.12.0)
      rspec-expectations (~> 2.12.0)
      rspec-mocks (~> 2.12.0)
    rspec-core (2.12.0)
    rspec-expectations (2.12.0)
      diff-lcs (~> 1.1.3)
    rspec-mocks (2.12.0)

PLATFORMS
  ruby

DEPENDENCIES
  fit!
  nokogiri
  rake
  rspec
