GIT
  remote: git@github.com:adambird/fit.git
  revision: 9a09938858ebc5a949c7d65d08e079b5d82518d0
  specs:
    fit (0.0.1)
      activesupport
      bindata (~> 1.4)

GEM
  specs:
    activesupport (3.2.3)
      i18n (~> 0.6)
      multi_json (~> 1.0)
    bindata (1.4.3)
    diff-lcs (1.1.3)
    i18n (0.6.0)
    multi_json (1.3.5)
    nokogiri (1.5.2)
    rake (0.9.2.2)
    rspec (2.10.0)
      rspec-core (~> 2.10.0)
      rspec-expectations (~> 2.10.0)
      rspec-mocks (~> 2.10.0)
    rspec-core (2.10.0)
    rspec-expectations (2.10.0)
      diff-lcs (~> 1.1.3)
    rspec-mocks (2.10.1)

PLATFORMS
  ruby

DEPENDENCIES
  fit!
  nokogiri
  rake
  rspec
