PATH
  remote: .
  specs:
    broutes (0.1.3)
      bindata (~> 1.4.5)
      garmin-fit (~> 0.0.2)
      lowess (~> 1.0)
      nokogiri (~> 1.5.9)

GEM
  remote: http://rubygems.org/
  specs:
    activesupport (5.2.1.1)
      concurrent-ruby (~> 1.0, >= 1.0.2)
      i18n (>= 0.7, < 2)
      minitest (~> 5.1)
      tzinfo (~> 1.1)
    bindata (1.4.5)
    coderay (1.0.8)
    concurrent-ruby (1.1.3)
    diff-lcs (1.1.3)
    garmin-fit (0.0.2)
      activesupport
      bindata (~> 1.4)
    guard (1.5.4)
      listen (>= 0.4.2)
      lumberjack (>= 1.0.2)
      pry (>= 0.9.10)
      thor (>= 0.14.6)
    guard-rspec (2.3.1)
      guard (>= 1.1)
      rspec (~> 2.11)
    i18n (1.1.1)
      concurrent-ruby (~> 1.0)
    listen (0.6.0)
    lowess (1.0.1)
    lumberjack (1.0.2)
    method_source (0.8.1)
    minitest (5.11.3)
    nokogiri (1.5.11)
    pry (0.9.10)
      coderay (~> 1.0.5)
      method_source (~> 0.8)
      slop (~> 3.3.1)
    rake (10.0.2)
    rb-fsevent (0.9.2)
    rspec (2.12.0)
      rspec-core (~> 2.12.0)
      rspec-expectations (~> 2.12.0)
      rspec-mocks (~> 2.12.0)
    rspec-core (2.12.0)
    rspec-expectations (2.12.0)
      diff-lcs (~> 1.1.3)
    rspec-mocks (2.12.0)
    ruby-prof (0.17.0)
    slop (3.3.3)
    thor (0.16.0)
    thread_safe (0.3.6)
    tzinfo (1.2.5)
      thread_safe (~> 0.1)

PLATFORMS
  ruby

DEPENDENCIES
  broutes!
  guard
  guard-rspec
  rake
  rb-fsevent
  rspec
  ruby-prof

BUNDLED WITH
   1.17.1
